GIT
  remote: git://github.com/yuya-takeyama/bolin.git
  revision: 806e33f84f3fc0647bb5d4bc8d8fe9c85eac0edb
  specs:
    bolin (0.1.0)
      rack

GEM
  remote: https://rubygems.org/
  specs:
    rack (1.6.4)

PLATFORMS
  ruby

DEPENDENCIES
  bolin!

BUNDLED WITH
   1.11.2
