PATH
  remote: ../bolin
  specs:
    bolin (0.1.0)
      rack

GEM
  remote: https://rubygems.org/
  specs:
    rack (1.6.4)

PLATFORMS
  ruby

DEPENDENCIES
  bolin!

BUNDLED WITH
   1.11.2
