GIT
  remote: git://github.com/yuya-takeyama/bolin.git
  revision: 848e948a2c514f848e5eec1accb02d83e684bea1
  specs:
    bolin (0.1.0)
      rack

GEM
  remote: https://rubygems.org/
  specs:
    rack (1.6.4)

PLATFORMS
  ruby

DEPENDENCIES
  bolin!

BUNDLED WITH
   1.11.2
