GIT
  remote: git://github.com/yuya-takeyama/bolin.git
  revision: c8d7c76f3ddd6ad66ef11af97cf172a7ab39e371
  specs:
    bolin (0.1.0)
      rack

GEM
  remote: https://rubygems.org/
  specs:
    rack (1.6.4)

PLATFORMS
  ruby

DEPENDENCIES
  bolin!

BUNDLED WITH
   1.11.2
