GIT
  remote: git://github.com/yuya-takeyama/bolin.git
  revision: 265805ab2e5dcf5be92ba40e7c34c58e9de0f903
  specs:
    bolin (0.1.0)
      rack

GEM
  remote: https://rubygems.org/
  specs:
    rack (1.6.4)

PLATFORMS
  ruby

DEPENDENCIES
  bolin!

BUNDLED WITH
   1.11.2
